GEM
  remote: https://rubygems.org/
  specs:
    activesupport (4.0.3)
      i18n (~> 0.6, >= 0.6.4)
      minitest (~> 4.2)
      multi_json (~> 1.3)
      thread_safe (~> 0.1)
      tzinfo (~> 0.3.37)
    addressable (2.3.5)
    atomic (1.1.15)
    cleverbot (0.2.0)
      httparty (>= 0.8.1, < 1.0)
    cookiejar (0.3.1)
    daemons (1.1.9)
    em-http-request (1.1.2)
      addressable (>= 2.3.4)
      cookiejar
      em-socksify (>= 0.3)
      eventmachine (>= 1.0.3)
      http_parser.rb (>= 0.6.0)
    em-socksify (0.3.0)
      eventmachine (>= 1.0.0.beta.4)
    eventmachine (1.0.3)
    hipbot (1.0.3)
      activesupport (>= 3.0.0)
      daemons (~> 1.1)
      em-http-request (~> 1.1)
      eventmachine (~> 1.0)
      xmpp4r-hipchat (= 0.0.4)
    hipbot-plugins (1.0.2)
      cleverbot (~> 0.2.0)
      hipbot (~> 1.0, >= 1.0.0)
      htmlentities
      wolfram (~> 0.2.1)
    htmlentities (4.3.1)
    http_parser.rb (0.6.0)
    httparty (0.13.0)
      json (~> 1.8)
      multi_xml (>= 0.5.2)
    i18n (0.6.9)
    json (1.8.1)
    mini_portile (0.5.3)
    minitest (4.7.5)
    multi_json (1.8.4)
    multi_xml (0.5.5)
    nokogiri (1.6.1)
      mini_portile (~> 0.5.0)
    thread_safe (0.2.0)
      atomic (>= 1.1.7, < 2)
    tzinfo (0.3.38)
    wolfram (0.2.1)
      nokogiri (>= 1.4.3)
    xmpp4r (0.5.6)
    xmpp4r-hipchat (0.0.4)
      xmpp4r (~> 0.5)

PLATFORMS
  ruby

DEPENDENCIES
  hipbot
  hipbot-plugins (= 1.0.2)
